GEM
  remote: https://rubygems.org/
  specs:
    addressable (2.4.0)
    aws-sdk (2.6.6)
      aws-sdk-resources (= 2.6.6)
    aws-sdk-core (2.6.6)
      jmespath (~> 1.0)
    aws-sdk-resources (2.6.6)
      aws-sdk-core (= 2.6.6)
    concurrent-ruby (1.0.2)
    connection_pool (2.2.0)
    faraday (0.9.2)
      multipart-post (>= 1.2, < 3)
    haml (4.0.7)
      tilt
    jmespath (1.3.1)
    koala (2.4.0)
      addressable
      faraday
      multi_json (>= 1.3.0)
    multi_json (1.12.1)
    multipart-post (2.0.0)
    rack (1.6.4)
    rack-protection (1.5.3)
      rack
    redis (3.3.1)
    rmagick (2.16.0)
    sidekiq (4.2.2)
      concurrent-ruby (~> 1.0)
      connection_pool (~> 2.2, >= 2.2.0)
      rack-protection (~> 1.5)
      redis (~> 3.2, >= 3.2.1)
    sinatra (1.4.7)
      rack (~> 1.5)
      rack-protection (~> 1.4)
      tilt (>= 1.3, < 3)
    tilt (2.0.5)

PLATFORMS
  ruby

DEPENDENCIES
  aws-sdk (~> 2)
  haml
  koala
  rmagick
  sidekiq
  sinatra

BUNDLED WITH
   1.13.1
